NUGET
  remote: https://api.nuget.org/v3/index.json
    Fantomas (4.3)
      FSharp.Compiler.Service (>= 38.0) - restriction: >= netstandard2.0
      FSharp.Core (>= 5.0) - restriction: >= netstandard2.0
    FSharp.Compiler.Service (38.0)
      FSharp.Core (5.0) - restriction: >= netstandard2.0
    FSharp.Core (5.0) - restriction: >= netstandard2.0
    Microsoft.Build.Tasks.Git (1.0)
    Microsoft.SourceLink.Common (1.0)
    Microsoft.SourceLink.GitHub (1.0)
      Microsoft.Build.Tasks.Git (>= 1.0)
      Microsoft.SourceLink.Common (>= 1.0)
